PATH
  remote: .
  specs:
    lite-address (1.0.0)
      countries
      snail

GEM
  remote: https://rubygems.org/
  specs:
    activesupport (6.1.4.1)
      concurrent-ruby (~> 1.0, >= 1.0.2)
      i18n (>= 1.6, < 2)
      minitest (>= 5.1)
      tzinfo (~> 2.0)
      zeitwerk (~> 2.3)
    ast (2.4.2)
    colorize (0.8.1)
    concurrent-ruby (1.1.9)
    countries (4.0.1)
      i18n_data (~> 0.13.0)
      sixarm_ruby_unaccent (~> 1.1)
    diff-lcs (1.4.4)
    fasterer (0.9.0)
      colorize (~> 0.7)
      ruby_parser (>= 3.14.1)
    i18n (1.8.10)
      concurrent-ruby (~> 1.0)
    i18n_data (0.13.0)
    minitest (5.14.4)
    parallel (1.20.2)
    parser (3.0.2.0)
      ast (~> 2.4.1)
    rainbow (3.0.0)
    rake (13.0.6)
    regexp_parser (2.1.1)
    rexml (3.2.5)
    rspec (3.10.0)
      rspec-core (~> 3.10.0)
      rspec-expectations (~> 3.10.0)
      rspec-mocks (~> 3.10.0)
    rspec-core (3.10.1)
      rspec-support (~> 3.10.0)
    rspec-expectations (3.10.1)
      diff-lcs (>= 1.2.0, < 2.0)
      rspec-support (~> 3.10.0)
    rspec-mocks (3.10.2)
      diff-lcs (>= 1.2.0, < 2.0)
      rspec-support (~> 3.10.0)
    rspec-support (3.10.2)
    rubocop (1.20.0)
      parallel (~> 1.10)
      parser (>= 3.0.0.0)
      rainbow (>= 2.2.2, < 4.0)
      regexp_parser (>= 1.8, < 3.0)
      rexml
      rubocop-ast (>= 1.9.1, < 2.0)
      ruby-progressbar (~> 1.7)
      unicode-display_width (>= 1.4.0, < 3.0)
    rubocop-ast (1.11.0)
      parser (>= 3.0.1.1)
    rubocop-performance (1.11.5)
      rubocop (>= 1.7.0, < 2.0)
      rubocop-ast (>= 0.4.0)
    rubocop-rake (0.6.0)
      rubocop (~> 1.0)
    rubocop-rspec (2.4.0)
      rubocop (~> 1.0)
      rubocop-ast (>= 1.1.0)
    ruby-progressbar (1.11.0)
    ruby_parser (3.17.0)
      sexp_processor (~> 4.15, >= 4.15.1)
    sexp_processor (4.15.3)
    sixarm_ruby_unaccent (1.2.0)
    snail (2.2.3)
      activesupport
    tzinfo (2.0.4)
      concurrent-ruby (~> 1.0)
    unicode-display_width (2.0.0)
    zeitwerk (2.4.2)

PLATFORMS
  x86_64-darwin-20

DEPENDENCIES
  bundler
  fasterer
  lite-address!
  rake (~> 13.0)
  rspec (~> 3.0)
  rubocop (~> 1.7)
  rubocop-performance
  rubocop-rake
  rubocop-rspec

BUNDLED WITH
   2.2.26
